##TITLE= Parameter file, TOPSPIN		Version 2.1
##JCAMPDX= 5.0
##DATATYPE= Parameter Values
##NPOINTS= 48	$$ modification sequence number
##ORIGIN= Bruker BioSpin GmbH
##OWNER= research
$$ 2019-02-04 22:54:04.462 -0500  research@prospice
$$ /opt/users/eskandar/data/eskandar/nmr/Ponatinib/2/pdata/1/proc
$$ process /opt/topspin/prog/au/bin/user/proc-1d_c13
##$ABSF1= -36.11111
##$ABSF2= -44.88895
##$ABSG= 5
##$ABSL= 3
##$ALPHA= 0
##$AQORDER= 0
##$ASSFAC= 0
##$ASSFACI= 0
##$ASSFACX= 0
##$ASSWID= 0
##$AUNMP= <proc-1d_c13>
##$AXLEFT= 0
##$AXNAME= <>
##$AXNUC= <off>
##$AXRIGHT= 0
##$AXTYPE= 0
##$AXUNIT= <>
##$AZFE= 0.1
##$AZFW= 0.5
##$BCFW= 1
##$BC_mod= 2
##$BYTORDP= 0
##$COROFFS= 0
##$CY= 100
##$DATMOD= 1
##$DC= 1
##$DFILT= <>
##$DTYPP= 0
##$F1P= 0
##$F2P= 0
##$FCOR= 0.5
##$FTSIZE= 65536
##$FT_mod= 0
##$GAMMA= 1
##$GB= 0
##$INTBC= 1
##$INTSCL= 1
##$ISEN= 30
##$LB= 1
##$LEV0= 0
##$LPBIN= 0
##$MAXI= 10000
##$MC2= 0
##$MEAN= 0
##$ME_mod= 1
##$MI= 0.1
##$NCOEF= 0
##$NC_proc= 0
##$NLEV= 6
##$NOISF1= 220
##$NOISF2= 0
##$NSP= 1
##$NTH_PI= 0
##$NZP= 1
##$OFFSET= 303.8889
##$PC= 1.4
##$PHC0= -139.9661
##$PHC1= 0
##$PH_mod= 0
##$PKNL= yes
##$PPARMOD= 0
##$PPDIAG= 0
##$PPIPTYP= 0
##$PPMPNUM= 2147483647
##$PPRESOL= 1
##$PSCAL= 4
##$PSIGN= 0
##$PYNMP= <proc.py>
##$REVERSE= no
##$SF= 150.902884451442
##$SI= 262144
##$SIGF1= 220
##$SIGF2= 0
##$SINO= 80
##$SIOLD= 262144
##$SPECTYP= <>
##$SREGLST= <13C.DMSO>
##$SSB= 0
##$STSI= 0
##$STSR= 0
##$SW_p= 36057.6923076923
##$SYMM= 0
##$S_DEV= 0
##$TDeff= 0
##$TDoff= 0
##$TI= <Group Kayvan Keshari
:Carbon DMSO /opt/users/eskandar eskandar 50

>
##$TILT= no
##$TM1= 0
##$TM2= 0
##$TOPLEV= 0
##$USERP1= <user>
##$USERP2= <user>
##$USERP3= <user>
##$USERP4= <user>
##$USERP5= <user>
##$WDW= 1
##$XDIM= 64
##$YMAX_p= 0
##$YMIN_p= 0
##END=
